PATH
  remote: .
  specs:
    extended_bundler-errors (0.3.2)

GEM
  remote: https://rubygems.org/
  specs:
    metaclass (0.0.4)
    minitest (5.11.3)
    mocha (1.5.0)
      metaclass (~> 0.0.1)
    rake (10.5.0)

PLATFORMS
  ruby

DEPENDENCIES
  bundler (~> 1.16)
  extended_bundler-errors!
  minitest (~> 5.0)
  mocha
  rake (~> 10.0)

BUNDLED WITH
   1.17.2
